GEM
  remote: https://rubygems.org/
  specs:
    awesome_print (1.6.1)
    geoip (1.5.0)
    trollop (2.1.2)

PLATFORMS
  x64-mingw32

DEPENDENCIES
  awesome_print
  geoip
  trollop
